PATH
  remote: .
  specs:
    rabbithutch (0.0.2)
      amqp
      daemons
      eventmachine
      log4r
      logger
      logger
      mongo
      mq
      thor
      yard

GEM
  remote: https://rubygems.org/
  specs:
    activesupport (3.2.9)
      i18n (~> 0.6)
      multi_json (~> 1.0)
    amq-client (0.9.10)
      amq-protocol (>= 0.9.4)
      eventmachine
    amq-protocol (1.0.1)
    amqp (0.9.8)
      amq-client (~> 0.9.5)
      amq-protocol (>= 0.9.4)
      eventmachine
    bson (1.8.0)
      activesupport
    daemons (1.1.9)
    eventmachine (1.0.0)
    eventmachine (1.0.0-x86-mingw32)
    i18n (0.6.1)
    log4r (1.1.10)
    logger (1.2.8)
    mongo (1.8.0)
      bson (~> 1.8.0)
    mq (0.1.3)
    multi_json (1.5.0)
    thor (0.16.0)
    yard (0.8.3)

PLATFORMS
  ruby
  x86-mingw32

DEPENDENCIES
  rabbithutch!
